GEM
  remote: http://rubygems.org/
  specs:
    net-dns (0.7.1)
    pg (0.14.1)

PLATFORMS
  ruby

DEPENDENCIES
  net-dns
  pg
